GEM
  remote: https://rubygems.org/
  specs:
    allure-cucumber (0.6.1)
      allure-ruby-adaptor-api (>= 0.7.1)
      cucumber (>= 2.0.0)
    allure-ruby-adaptor-api (0.7.2)
      mimemagic
      nokogiri (~> 1.7)
      uuid
    backports (3.15.0)
    builder (3.2.3)
    childprocess (3.0.0)
    coderay (1.1.2)
    concurrent-ruby (1.1.5)
    cucumber (3.1.2)
      builder (>= 2.1.2)
      cucumber-core (~> 3.2.0)
      cucumber-expressions (~> 6.0.1)
      cucumber-wire (~> 0.0.1)
      diff-lcs (~> 1.3)
      gherkin (~> 5.1.0)
      multi_json (>= 1.7.5, < 2.0)
      multi_test (>= 0.1.2)
    cucumber-core (3.2.1)
      backports (>= 3.8.0)
      cucumber-tag_expressions (~> 1.1.0)
      gherkin (~> 5.0)
    cucumber-expressions (6.0.1)
    cucumber-tag_expressions (1.1.1)
    cucumber-wire (0.0.1)
    deep_merge (1.2.1)
    diff-lcs (1.3)
    domain_name (0.5.20190701)
      unf (>= 0.0.5, < 1.0.0)
    faker (2.8.0)
      i18n (>= 1.6, < 1.8)
    gherkin (5.1.0)
    git (1.5.0)
    http-accept (1.7.0)
    http-cookie (1.0.3)
      domain_name (~> 0.5)
    httparty (0.17.1)
      mime-types (~> 3.0)
      multi_xml (>= 0.5.2)
    i18n (1.7.0)
      concurrent-ruby (~> 1.0)
    logger (1.3.0)
    macaddr (1.7.2)
      systemu (~> 2.6.5)
    method_source (0.9.2)
    mime-types (3.3)
      mime-types-data (~> 3.2015)
    mime-types-data (3.2019.1009)
    mimemagic (0.3.3)
    mini_portile2 (2.8.0)
    multi_json (1.14.1)
    multi_test (0.1.2)
    multi_xml (0.6.0)
    netrc (0.11.0)
    nokogiri (1.13.9)
      mini_portile2 (~> 2.8.0)
      racc (~> 1.4)
    parallel (1.19.1)
    parallel_tests (2.29.2)
      parallel
    pry (0.12.2)
      coderay (~> 1.1.0)
      method_source (~> 0.9.0)
    pry-remote (0.1.8)
      pry (~> 0.9)
      slop (~> 3.0)
    racc (1.6.0)
    rake (13.0.1)
    require_all (3.0.0)
    rest-client (2.1.0)
      http-accept (>= 1.7.0, < 2.0)
      http-cookie (>= 1.0.2, < 2.0)
      mime-types (>= 1.16, < 4.0)
      netrc (~> 0.8)
    rspec (3.9.0)
      rspec-core (~> 3.9.0)
      rspec-expectations (~> 3.9.0)
      rspec-mocks (~> 3.9.0)
    rspec-core (3.9.0)
      rspec-support (~> 3.9.0)
    rspec-expectations (3.9.0)
      diff-lcs (>= 1.2.0, < 2.0)
      rspec-support (~> 3.9.0)
    rspec-mocks (3.9.0)
      diff-lcs (>= 1.2.0, < 2.0)
      rspec-support (~> 3.9.0)
    rspec-support (3.9.0)
    rubyzip (1.3.0)
    selenium-webdriver (3.142.6)
      childprocess (>= 0.5, < 4.0)
      rubyzip (>= 1.2.2)
    slop (3.6.0)
    systemu (2.6.5)
    teber-library (0.1.3)
    unf (0.1.4)
      unf_ext
    unf_ext (0.0.7.6)
    uuid (2.3.9)
      macaddr (~> 1.0)
    webdriver_manager (0.6.0)
      nokogiri (~> 1.8)
      rubyzip (~> 1.0)
      selenium-webdriver (~> 3.0)
    yaml_extend (0.2.5)
      deep_merge (~> 1.1)

PLATFORMS
  ruby

DEPENDENCIES
  allure-cucumber (~> 0.6.1)
  cucumber (~> 3.1, >= 3.1.2)
  faker
  git
  httparty
  logger (~> 1.3.0)
  parallel_tests
  pry
  pry-remote
  rake (>= 0.9.2)
  require_all
  rest-client
  rspec
  rspec-expectations
  selenium-webdriver
  teber-library
  webdriver_manager
  yaml_extend

BUNDLED WITH
   2.0.2
